GEM
  remote: https://rubygems.org/
  specs:
    diff-lcs (1.5.0)
    language_server-protocol (3.17.0.3)
    prettier_print (1.2.0)
    rspec (3.12.0)
      rspec-core (~> 3.12.0)
      rspec-expectations (~> 3.12.0)
      rspec-mocks (~> 3.12.0)
    rspec-core (3.12.1)
      rspec-support (~> 3.12.0)
    rspec-expectations (3.12.2)
      diff-lcs (>= 1.2.0, < 2.0)
      rspec-support (~> 3.12.0)
    rspec-mocks (3.12.3)
      diff-lcs (>= 1.2.0, < 2.0)
      rspec-support (~> 3.12.0)
    rspec-support (3.12.0)
    ruby-lsp (0.3.8)
      language_server-protocol (~> 3.17.0)
      sorbet-runtime
      syntax_tree (>= 5.0.0, < 6)
    sorbet-runtime (0.5.10658)
    syntax_tree (5.3.0)
      prettier_print (>= 1.2.0)

PLATFORMS
  arm64-darwin-21

DEPENDENCIES
  rspec (~> 3.12)
  ruby-lsp (~> 0.3.8)

BUNDLED WITH
   2.4.6
